GEM
  remote: https://rubygems.org/
  specs:
    ast (2.3.0)
    colored (1.2)
    diff-lcs (1.3)
    foreman (0.84.0)
      thor (~> 0.19.1)
    git-up (0.5.12)
      colored (>= 1.2)
      grit
    grit (2.5.0)
      diff-lcs (~> 1.1)
      mime-types (~> 1.15)
      posix-spawn (~> 0.3.6)
    mime-types (1.25.1)
    parallel (1.12.0)
    parser (2.4.0.0)
      ast (~> 2.2)
    posix-spawn (0.3.13)
    powerpack (0.1.1)
    rainbow (2.2.2)
      rake
    rake (12.2.1)
    rubocop (0.51.0)
      parallel (~> 1.10)
      parser (>= 2.3.3.1, < 3.0)
      powerpack (~> 0.1)
      rainbow (>= 2.2.2, < 3.0)
      ruby-progressbar (~> 1.7)
      unicode-display_width (~> 1.0, >= 1.0.1)
    ruby-progressbar (1.9.0)
    thor (0.19.4)
    unicode-display_width (1.3.0)

PLATFORMS
  ruby

DEPENDENCIES
  bundler
  foreman
  git-up
  rubocop

BUNDLED WITH
   1.16.0
